GEM
  remote: https://rubygems.org/
  specs:
    inifile (3.0.0)
    json (1.8.3)
    mysql2 (0.4.2)

PLATFORMS
  ruby

DEPENDENCIES
  inifile
  json
  mysql2

BUNDLED WITH
   1.11.2
